GEM
  remote: https://rubygems.org/
  specs:
    bosh-template (1.3262.4.0)
      semi_semantic (~> 1.2.0)
    semi_semantic (1.2.0)

PLATFORMS
  ruby

DEPENDENCIES
  bosh-template (~> 1.3262, >= 1.3262.4.0)

BUNDLED WITH
   1.11.2
